GEM
  remote: https://rubygems.org/
  specs:
    minitest (5.11.3)
    pg (1.1.3)
    rake (12.3.1)

PLATFORMS
  ruby

DEPENDENCIES
  minitest
  pg
  rake

BUNDLED WITH
   1.16.2
